GEM
  remote: https://rubygems.org/
  specs:
    deep_merge (1.2.1)
    hiera (3.7.0)

PLATFORMS
  ruby

DEPENDENCIES
  deep_merge (= 1.2.1)
  hiera (= 3.7.0)

BUNDLED WITH
   2.1.4
